GIT
  remote: https://github.com/faker-ruby/faker.git
  revision: 19e34a9e2718cd8b1a075d5098239740743772c0
  branch: master
  specs:
    faker (2.18.0)
      i18n (>= 1.6, < 2)

GEM
  remote: https://rubygems.org/
  specs:
    actioncable (6.1.4)
      actionpack (= 6.1.4)
      activesupport (= 6.1.4)
      nio4r (~> 2.0)
      websocket-driver (>= 0.6.1)
    actionmailbox (6.1.4)
      actionpack (= 6.1.4)
      activejob (= 6.1.4)
      activerecord (= 6.1.4)
      activestorage (= 6.1.4)
      activesupport (= 6.1.4)
      mail (>= 2.7.1)
    actionmailer (6.1.4)
      actionpack (= 6.1.4)
      actionview (= 6.1.4)
      activejob (= 6.1.4)
      activesupport (= 6.1.4)
      mail (~> 2.5, >= 2.5.4)
      rails-dom-testing (~> 2.0)
    actionpack (6.1.4)
      actionview (= 6.1.4)
      activesupport (= 6.1.4)
      rack (~> 2.0, >= 2.0.9)
      rack-test (>= 0.6.3)
      rails-dom-testing (~> 2.0)
      rails-html-sanitizer (~> 1.0, >= 1.2.0)
    actiontext (6.1.4)
      actionpack (= 6.1.4)
      activerecord (= 6.1.4)
      activestorage (= 6.1.4)
      activesupport (= 6.1.4)
      nokogiri (>= 1.8.5)
    actionview (6.1.4)
      activesupport (= 6.1.4)
      builder (~> 3.1)
      erubi (~> 1.4)
      rails-dom-testing (~> 2.0)
      rails-html-sanitizer (~> 1.1, >= 1.2.0)
    activejob (6.1.4)
      activesupport (= 6.1.4)
      globalid (>= 0.3.6)
    activemodel (6.1.4)
      activesupport (= 6.1.4)
    activerecord (6.1.4)
      activemodel (= 6.1.4)
      activesupport (= 6.1.4)
    activestorage (6.1.4)
      actionpack (= 6.1.4)
      activejob (= 6.1.4)
      activerecord (= 6.1.4)
      activesupport (= 6.1.4)
      marcel (~> 1.0.0)
      mini_mime (>= 1.1.0)
    activesupport (6.1.4)
      concurrent-ruby (~> 1.0, >= 1.0.2)
      i18n (>= 1.6, < 2)
      minitest (>= 5.1)
      tzinfo (~> 2.0)
      zeitwerk (~> 2.3)
    addressable (2.8.0)
      public_suffix (>= 2.0.2, < 5.0)
    apollo_upload_server (2.0.5)
      actionpack (>= 4.2)
      graphql (>= 1.8)
    ast (2.4.2)
    bcrypt (3.1.16)
    bootsnap (1.7.5)
      msgpack (~> 1.0)
    brakeman (5.0.4)
    builder (3.2.4)
    bundle-audit (0.1.0)
      bundler-audit
    bundler-audit (0.8.0)
      bundler (>= 1.2.0, < 3)
      thor (~> 1.0)
    byebug (11.1.3)
    concurrent-ruby (1.1.9)
    connection_pool (2.2.5)
    content_disposition (1.0.0)
    crass (1.0.6)
    daemons (1.4.0)
    devise (4.8.0)
      bcrypt (~> 3.0)
      orm_adapter (~> 0.1)
      railties (>= 4.1.0)
      responders
      warden (~> 1.2.3)
    diff-lcs (1.4.4)
    docile (1.4.0)
    doorkeeper (5.5.2)
      railties (>= 5)
    down (5.2.2)
      addressable (~> 2.5)
    erubi (1.10.0)
    eventmachine (1.2.7)
    faraday (1.5.1)
      faraday-em_http (~> 1.0)
      faraday-em_synchrony (~> 1.0)
      faraday-excon (~> 1.1)
      faraday-httpclient (~> 1.0.1)
      faraday-net_http (~> 1.0)
      faraday-net_http_persistent (~> 1.1)
      faraday-patron (~> 1.0)
      multipart-post (>= 1.2, < 3)
      ruby2_keywords (>= 0.0.4)
    faraday-em_http (1.0.0)
    faraday-em_synchrony (1.0.0)
    faraday-excon (1.1.0)
    faraday-httpclient (1.0.1)
    faraday-net_http (1.0.1)
    faraday-net_http_persistent (1.2.0)
    faraday-patron (1.0.0)
    ffi (1.15.3)
    figaro (1.2.0)
      thor (>= 0.14.0, < 2)
    globalid (0.4.2)
      activesupport (>= 4.2.0)
    graphql (1.12.13)
    i18n (1.8.10)
      concurrent-ruby (~> 1.0)
    jwt (2.2.3)
    listen (3.5.1)
      rb-fsevent (~> 0.10, >= 0.10.3)
      rb-inotify (~> 0.9, >= 0.9.10)
    loofah (2.10.0)
      crass (~> 1.0.2)
      nokogiri (>= 1.5.9)
    mail (2.7.1)
      mini_mime (>= 0.1.1)
    marcel (1.0.1)
    method_source (1.0.0)
    mini_mime (1.1.0)
    mini_portile2 (2.3.0)
    minitest (5.14.4)
    mono_logger (1.1.1)
    msgpack (1.4.2)
    multi_json (1.15.0)
    multipart-post (2.1.1)
    mustermann (1.1.1)
      ruby2_keywords (~> 0.0.1)
    nio4r (2.5.7)
    nokogiri (1.8.5)
      mini_portile2 (~> 2.3.0)
    orm_adapter (0.5.0)
    parser (3.0.2.0)
      ast (~> 2.4.1)
    pg (1.2.3)
    public_suffix (4.0.6)
    puma (5.3.2)
      nio4r (~> 2.0)
    rack (2.2.3)
    rack-protection (2.1.0)
      rack
    rack-test (1.1.0)
      rack (>= 1.0, < 3)
    rails (6.1.4)
      actioncable (= 6.1.4)
      actionmailbox (= 6.1.4)
      actionmailer (= 6.1.4)
      actionpack (= 6.1.4)
      actiontext (= 6.1.4)
      actionview (= 6.1.4)
      activejob (= 6.1.4)
      activemodel (= 6.1.4)
      activerecord (= 6.1.4)
      activestorage (= 6.1.4)
      activesupport (= 6.1.4)
      bundler (>= 1.15.0)
      railties (= 6.1.4)
      sprockets-rails (>= 2.0.0)
    rails-dom-testing (2.0.3)
      activesupport (>= 4.2.0)
      nokogiri (>= 1.6)
    rails-html-sanitizer (1.3.0)
      loofah (~> 2.3)
    railties (6.1.4)
      actionpack (= 6.1.4)
      activesupport (= 6.1.4)
      method_source
      rake (>= 0.13)
      thor (~> 1.0)
    rake (13.0.6)
    rb-fsevent (0.11.0)
    rb-inotify (0.10.1)
      ffi (~> 1.0)
    redis (4.3.1)
    redis-namespace (1.8.1)
      redis (>= 3.0.4)
    responders (3.0.1)
      actionpack (>= 5.0)
      railties (>= 5.0)
    resque (2.0.0)
      mono_logger (~> 1.0)
      multi_json (~> 1.0)
      redis-namespace (~> 1.6)
      sinatra (>= 0.9.2)
      vegas (~> 0.1.2)
    rspec-core (3.10.1)
      rspec-support (~> 3.10.0)
    rspec-expectations (3.10.1)
      diff-lcs (>= 1.2.0, < 2.0)
      rspec-support (~> 3.10.0)
    rspec-mocks (3.10.2)
      diff-lcs (>= 1.2.0, < 2.0)
      rspec-support (~> 3.10.0)
    rspec-rails (5.0.1)
      actionpack (>= 5.2)
      activesupport (>= 5.2)
      railties (>= 5.2)
      rspec-core (~> 3.10)
      rspec-expectations (~> 3.10)
      rspec-mocks (~> 3.10)
      rspec-support (~> 3.10)
    rspec-support (3.10.2)
    ruby2_keywords (0.0.5)
    scout_apm (4.1.1)
      parser
    sentry-rails (4.6.1)
      railties (>= 5.0)
      sentry-ruby-core (~> 4.6.0)
    sentry-ruby (4.6.1)
      concurrent-ruby (~> 1.0, >= 1.0.2)
      faraday (>= 1.0)
      sentry-ruby-core (= 4.6.1)
    sentry-ruby-core (4.6.1)
      concurrent-ruby
      faraday
    shrine (3.4.0)
      content_disposition (~> 1.0)
      down (~> 5.1)
    sidekiq (6.2.1)
      connection_pool (>= 2.2.2)
      rack (~> 2.0)
      redis (>= 4.2.0)
    simplecov (0.21.2)
      docile (~> 1.1)
      simplecov-html (~> 0.11)
      simplecov_json_formatter (~> 0.1)
    simplecov-html (0.12.3)
    simplecov_json_formatter (0.1.3)
    sinatra (2.1.0)
      mustermann (~> 1.0)
      rack (~> 2.2)
      rack-protection (= 2.1.0)
      tilt (~> 2.0)
    spring (2.1.1)
    sprockets (4.0.2)
      concurrent-ruby (~> 1.0)
      rack (> 1, < 3)
    sprockets-rails (3.2.2)
      actionpack (>= 4.0)
      activesupport (>= 4.0)
      sprockets (>= 3.0.0)
    stripe (5.37.0)
    thin (1.8.1)
      daemons (~> 1.0, >= 1.0.9)
      eventmachine (~> 1.0, >= 1.0.4)
      rack (>= 1, < 3)
    thor (1.1.0)
    tilt (2.0.10)
    tzinfo (2.0.4)
      concurrent-ruby (~> 1.0)
    vegas (0.1.11)
      rack (>= 1.0.0)
    warden (1.2.9)
      rack (>= 2.0.9)
    websocket-driver (0.7.5)
      websocket-extensions (>= 0.1.0)
    websocket-extensions (0.1.5)
    zeitwerk (2.4.2)

PLATFORMS
  x86_64-linux

DEPENDENCIES
  apollo_upload_server (= 2.0.5)
  bcrypt (~> 3.1.7)
  bootsnap (>= 1.4.4)
  brakeman
  bundle-audit
  byebug
  devise
  doorkeeper
  faker!
  figaro
  graphql
  jwt
  listen (~> 3.3)
  nokogiri (~> 1.8.5)
  pg
  puma (~> 5.0)
  rails
  redis
  resque
  rspec-rails (~> 5.0.0)
  scout_apm
  sentry-rails
  sentry-ruby
  shrine
  sidekiq
  simplecov
  spring
  stripe
  thin
  tzinfo-data

RUBY VERSION
   ruby 3.0.0p0

BUNDLED WITH
   2.2.24
